GEM
  remote: https://rubygems.org/
  specs:
    addressable (2.3.8)
    minitest (5.8.0)

PLATFORMS
  ruby

DEPENDENCIES
  addressable
  minitest

BUNDLED WITH
   1.10.6
